GEM
  remote: https://rubygems.org/
  specs:
    ast (2.4.0)
    aws-eventstream (1.0.3)
    aws-partitions (1.253.0)
    aws-sdk-cloudformation (1.29.0)
      aws-sdk-core (~> 3, >= 3.71.0)
      aws-sigv4 (~> 1.1)
    aws-sdk-core (3.85.1)
      aws-eventstream (~> 1.0, >= 1.0.2)
      aws-partitions (~> 1, >= 1.239.0)
      aws-sigv4 (~> 1.1)
      jmespath (~> 1.0)
    aws-sigv4 (1.1.0)
      aws-eventstream (~> 1.0, >= 1.0.2)
    coderay (1.1.2)
    diffy (3.3.0)
    hashie (3.6.0)
    highline (2.0.3)
    jaro_winkler (1.5.4)
    jmespath (1.4.0)
    kumogata2 (0.1.17)
      aws-sdk-cloudformation (~> 1.29)
      coderay (~> 1.1)
      diffy (~> 3.2)
      hashie (~> 3.5)
      highline (~> 2.0)
      term-ansicolor (~> 1.6)
    parallel (1.19.1)
    parser (2.6.5.0)
      ast (~> 2.4.0)
    rainbow (3.0.0)
    rake (13.0.1)
    rubocop (0.77.0)
      jaro_winkler (~> 1.5.1)
      parallel (~> 1.10)
      parser (>= 2.6)
      rainbow (>= 2.2.2, < 4.0)
      ruby-progressbar (~> 1.7)
      unicode-display_width (>= 1.4.0, < 1.7)
    ruby-progressbar (1.10.1)
    term-ansicolor (1.7.1)
      tins (~> 1.0)
    tins (1.22.2)
    unicode-display_width (1.6.0)

PLATFORMS
  ruby

DEPENDENCIES
  kumogata2 (~> 0.1.17)
  rake (~> 13.0)
  rubocop (~> 0.77.0)

BUNDLED WITH
   2.0.2
